GEM
  remote: https://rubygems.org/
  specs:
    appraisal (0.5.2)
      bundler
      rake
    diff-lcs (1.2.5)
    jruby-openssl (0.9.21-java)
    rack (1.6.8)
    rake (10.4.2)
    rspec (2.14.1)
      rspec-core (~> 2.14.0)
      rspec-expectations (~> 2.14.0)
      rspec-mocks (~> 2.14.0)
    rspec-core (2.14.8)
    rspec-expectations (2.14.5)
      diff-lcs (>= 1.1.3, < 2.0)
    rspec-mocks (2.14.6)

PLATFORMS
  java

DEPENDENCIES
  appraisal
  jruby-openssl (~> 0.9.20)
  rack (~> 1.6.8)
  rake (~> 10.4.2)
  rspec (~> 2.14.1)
